GEM
  remote: https://rubygems.org/
  specs:
    chunky_png (1.4.0)
    rqrcode (2.1.0)
      chunky_png (~> 1.0)
      rqrcode_core (~> 1.0)
    rqrcode_core (1.2.0)

PLATFORMS
  ruby

DEPENDENCIES
  rqrcode (~> 2.0)

BUNDLED WITH
   2.1.4
